GEM
  remote: http://rubygems.org/
  specs:
    dimensions (1.3.0)
    httparty (0.16.2)
      multi_xml (>= 0.5.2)
    kramdown (1.16.2)
    multi_xml (0.6.0)
    mustermann (1.0.2)
    puma (3.11.4)
    rack (2.0.5)
    rack-protection (2.0.1)
      rack
    rmagick (2.16.0)
    shotgun (0.9.2)
      rack (>= 1.0)
    sinatra (2.0.1)
      mustermann (~> 1.0)
      rack (~> 2.0)
      rack-protection (= 2.0.1)
      tilt (~> 2.0)
    slim (3.0.7)
      temple (~> 0.7.6)
      tilt (>= 1.3.3, < 2.1)
    temple (0.7.7)
    tilt (2.0.8)

PLATFORMS
  ruby

DEPENDENCIES
  dimensions
  httparty
  kramdown
  puma
  rmagick
  shotgun
  sinatra
  slim

BUNDLED WITH
   1.10.6
